GEM
  remote: http://rubygems.org/
  specs:
    coderay (1.1.0)
    dslkit (0.2.13)
      term-ansicolor (~> 1.0)
      tins (~> 0.6)
    extensions (0.6.0)
    method_source (0.8.2)
    pry (0.9.12.4-x86-mingw32)
      coderay (~> 1.0)
      method_source (~> 0.8)
      slop (~> 3.4)
      win32console (~> 1.3)
    pry-editline (1.1.2)
    pry-remote (0.1.7)
      pry (~> 0.9)
      slop (~> 3.0)
    pstree (0.0.0)
    rack (1.5.2)
    rack-protection (1.5.1)
      rack
    rake (10.1.0)
    sequel (4.4.0)
    sinatra (1.4.4)
      rack (~> 1.4)
      rack-protection (~> 1.4)
      tilt (~> 1.3, >= 1.3.4)
    sinatra-flash (0.3.0)
      sinatra (>= 1.0.0)
    sinatra-partial (0.4.0)
      sinatra
    sinatra-redirect-with-flash (0.2.0)
      sinatra (>= 1.0.0)
    slop (3.4.7)
    sqlite3 (1.3.8-x86-mingw32)
    term-ansicolor (1.2.2)
      tins (~> 0.8)
    tilt (1.4.1)
    tins (0.13.1)
    utils (0.0.99)
      dslkit (~> 0.2.10)
      pry-editline
      pstree
      term-ansicolor (~> 1.2, >= 1.2.2)
      tins (~> 0.8, >= 0.8.3)
    will_paginate (3.0.5)
    win32console (1.3.2-x86-mingw32)

PLATFORMS
  x86-mingw32

DEPENDENCIES
  extensions (~> 0.6.0)
  pry (~> 0.9.12.4)
  pry-remote (~> 0.1.7)
  rack (~> 1.5.2)
  rake (~> 10.1.0)
  sequel (~> 4.4.0)
  sinatra (~> 1.4.4)
  sinatra-flash (~> 0.3.0)
  sinatra-partial (~> 0.4.0)
  sinatra-redirect-with-flash (~> 0.2.0)
  sqlite3 (~> 1.3.8)
  utils (~> 0.0.99)
  will_paginate (~> 3.0.5)
